GEM
  remote: https://rubygems.org/
  specs:
    jekyll-timeago (0.9.2)
    mustermann (1.0.1)
    puma (3.10.0)
    rack (2.0.3)
    rack-protection (2.0.0)
      rack
    sinatra (2.0.0)
      mustermann (~> 1.0)
      rack (~> 2.0)
      rack-protection (= 2.0.0)
      tilt (~> 2.0)
    tilt (2.0.8)

PLATFORMS
  ruby

DEPENDENCIES
  jekyll-timeago
  puma
  sinatra

BUNDLED WITH
   1.15.4
